GIT
  remote: git://github.com/chriseppstein/compass.git
  revision: 91a748a916360057b5caf6ea85cd38441d3b257a
  branch: rails31
  specs:
    compass (0.12.0.alpha.0.91a748a)
      chunky_png (~> 1.2)
      fssm (>= 0.2.7)
      sass (~> 3.1)

GIT
  remote: git://github.com/rails/sass-rails.git
  revision: f1d9c7fbb33071a10c89377862a7d898bcb3b2f3
  branch: 3-1-stable
  specs:
    sass-rails (3.1.0.rc.6)
      actionpack (~> 3.1.0.rc6)
      railties (~> 3.1.0.rc6)
      sass (>= 3.1.4)

GEM
  remote: http://rubygems.org/
  specs:
    actionmailer (3.1.0.rc6)
      actionpack (= 3.1.0.rc6)
      mail (~> 2.3.0)
    actionpack (3.1.0.rc6)
      activemodel (= 3.1.0.rc6)
      activesupport (= 3.1.0.rc6)
      builder (~> 3.0.0)
      erubis (~> 2.7.0)
      i18n (~> 0.6)
      rack (~> 1.3.2)
      rack-cache (~> 1.0.2)
      rack-mount (~> 0.8.1)
      rack-test (~> 0.6.0)
      sprockets (~> 2.0.0.beta.12)
    activemodel (3.1.0.rc6)
      activesupport (= 3.1.0.rc6)
      bcrypt-ruby (~> 2.1.4)
      builder (~> 3.0.0)
      i18n (~> 0.6)
    activerecord (3.1.0.rc6)
      activemodel (= 3.1.0.rc6)
      activesupport (= 3.1.0.rc6)
      arel (~> 2.2.1)
      tzinfo (~> 0.3.29)
    activeresource (3.1.0.rc6)
      activemodel (= 3.1.0.rc6)
      activesupport (= 3.1.0.rc6)
    activesupport (3.1.0.rc6)
      multi_json (~> 1.0)
    acts-as-taggable-on (2.0.6)
    ansi (1.3.0)
    arel (2.2.1)
    bcrypt-ruby (2.1.4)
    builder (3.0.0)
    capybara (1.0.1)
      mime-types (>= 1.16)
      nokogiri (>= 1.3.3)
      rack (>= 1.0.0)
      rack-test (>= 0.5.4)
      selenium-webdriver (~> 2.0)
      xpath (~> 0.1.4)
    carrierwave (0.5.7)
      activesupport (~> 3.0)
    childprocess (0.2.1)
      ffi (~> 1.0.6)
    chunky_png (1.2.1)
    coffee-rails (3.1.0.rc.6)
      coffee-script (>= 2.2.0)
      railties (~> 3.1.0.rc1)
    coffee-script (2.2.0)
      coffee-script-source
      execjs
    coffee-script-source (1.1.2)
    colorize (0.5.8)
    diff-lcs (1.1.2)
    erubis (2.7.0)
    execjs (1.2.4)
      multi_json (~> 1.0)
    factory_girl (2.0.4)
    factory_girl_rails (1.1.0)
      factory_girl (~> 2.0.0)
      railties (>= 3.0.0)
    ffi (1.0.9)
    fssm (0.2.7)
    gcal4ruby (0.5.5)
      gdata4ruby (>= 0.1.5)
    gdata4ruby (0.1.5)
    guard (0.6.1)
      thor (~> 0.14.6)
    guard-rspec (0.4.2)
      guard (>= 0.4.0)
    guard-spork (0.2.1)
      guard (>= 0.2.2)
      spork (>= 0.8.4)
    haml (3.1.2)
    haml-rails (0.3.4)
      actionpack (~> 3.0)
      activesupport (~> 3.0)
      haml (~> 3.0)
      railties (~> 3.0)
    hike (1.2.0)
    i18n (0.6.0)
    jquery-rails (1.0.13)
      railties (~> 3.0)
      thor (~> 0.14)
    json_pure (1.5.3)
    lorem (0.1.2)
    mail (2.3.0)
      i18n (>= 0.4.0)
      mime-types (~> 1.16)
      treetop (~> 1.4.8)
    mime-types (1.16)
    mini_magick (3.3)
      subexec (~> 0.1.0)
    money (3.7.1)
      i18n (~> 0.4)
    multi_json (1.0.3)
    nokogiri (1.5.0)
    polyglot (0.3.2)
    rack (1.3.2)
    rack-cache (1.0.2)
      rack (>= 0.4)
    rack-mount (0.8.2)
      rack (>= 1.0.0)
    rack-ssl (1.3.2)
      rack
    rack-test (0.6.1)
      rack (>= 1.0)
    rails (3.1.0.rc6)
      actionmailer (= 3.1.0.rc6)
      actionpack (= 3.1.0.rc6)
      activerecord (= 3.1.0.rc6)
      activeresource (= 3.1.0.rc6)
      activesupport (= 3.1.0.rc6)
      bundler (~> 1.0)
      railties (= 3.1.0.rc6)
    rails3-jquery-autocomplete (0.9.1)
      rails (~> 3.0)
    railties (3.1.0.rc6)
      actionpack (= 3.1.0.rc6)
      activesupport (= 3.1.0.rc6)
      rack-ssl (~> 1.3.2)
      rake (>= 0.8.7)
      rdoc (~> 3.4)
      thor (~> 0.14.6)
    rake (0.9.2)
    rdoc (3.9.2)
    redcarpet (1.17.2)
    rspec (2.6.0)
      rspec-core (~> 2.6.0)
      rspec-expectations (~> 2.6.0)
      rspec-mocks (~> 2.6.0)
    rspec-core (2.6.4)
    rspec-expectations (2.6.0)
      diff-lcs (~> 1.1.2)
    rspec-mocks (2.6.0)
    rspec-rails (2.6.1)
      actionpack (~> 3.0)
      activesupport (~> 3.0)
      railties (~> 3.0)
      rspec (~> 2.6.0)
    rubyzip (0.9.4)
    sass (3.1.7)
    selenium-webdriver (2.4.0)
      childprocess (>= 0.2.1)
      ffi (>= 1.0.7)
      json_pure
      rubyzip
    simple_form (1.4.2)
      actionpack (~> 3.0)
      activemodel (~> 3.0)
    spork (0.9.0.rc9)
    sprockets (2.0.0.beta.13)
      hike (~> 1.2)
      rack (~> 1.0)
      tilt (!= 1.3.0, ~> 1.1)
    sqlite3 (1.3.4)
    subexec (0.1.0)
    thor (0.14.6)
    tilt (1.3.2)
    treetop (1.4.10)
      polyglot
      polyglot (>= 0.3.1)
    turn (0.8.2)
      ansi (>= 1.2.2)
    tzinfo (0.3.29)
    uglifier (1.0.1)
      execjs (>= 0.3.0)
      multi_json (>= 1.0.2)
    xpath (0.1.4)
      nokogiri (~> 1.3)

PLATFORMS
  ruby

DEPENDENCIES
  acts-as-taggable-on
  capybara
  carrierwave
  coffee-rails
  colorize
  compass!
  factory_girl_rails
  gcal4ruby
  guard-rspec
  guard-spork
  haml
  haml-rails
  jquery-rails
  lorem
  mini_magick
  money
  rails (= 3.1.0.rc6)
  rails3-jquery-autocomplete
  redcarpet
  rspec-rails
  sass-rails!
  simple_form
  spork (= 0.9.0.rc9)
  sqlite3
  turn
  uglifier
